GEM
  remote: https://rubygems.org/
  specs:
    bottles (2.1.0.584)
    fubudocs (0.9.9.297)
    fuburake (0.9.5.37)
      bottles (>= 1.1)
      fubudocs (>= 0.5)
      ripple-cli (~> 2.0)
    rake (10.1.1)
    ripple-cli (2.3.4.151)

PLATFORMS
  x64-mingw32

DEPENDENCIES
  fuburake (~> 0.5)
  rake (~> 10.0)
  ripple-cli
